GIT
  remote: git://github.com/nex3/sass.git
  revision: 081aa1044e96c20bf5d2e204d9cb5db3657be892
  ref: 081aa1044
  specs:
    sass (3.2.0.alpha.0)

GIT
  remote: https://github.com/rstacruz/sinatra-assetpack.git
  revision: ab2a413026099492807bd19affd60bd3d3bc1cca
  ref: ab2a413026
  specs:
    sinatra-assetpack (0.0.10)
      jsmin
      rack-test
      sinatra
      tilt (>= 1.3.0)

GEM
  remote: http://rubygems.org/
  specs:
    backports (2.3.0)
    eventmachine (0.12.10)
    jsmin (1.0.1)
    rack (1.3.5)
    rack-protection (1.1.4)
      rack
    rack-test (0.6.1)
      rack (>= 1.0)
    sinatra (1.3.1)
      rack (~> 1.3, >= 1.3.4)
      rack-protection (~> 1.1, >= 1.1.2)
      tilt (~> 1.3, >= 1.3.3)
    sinatra-contrib (1.3.1)
      backports (>= 2.0)
      eventmachine
      rack-protection
      rack-test
      sinatra (~> 1.3.0)
      tilt (~> 1.3)
    tilt (1.3.3)

PLATFORMS
  ruby

DEPENDENCIES
  sass!
  sinatra
  sinatra-assetpack!
  sinatra-contrib
